{
    "TaskName": "1dNF",
    "Instructions": "Try to move up the ball by feeling the movement of your right arm and hand. When the symbol + is displayed, rest",
    "RepetitionTime": 1,     
    "Modality": "MR", 
    "MagneticFieldStrength": 3, 
    "ImagingFrequency": 123.197, 
    "Manufacturer": "Siemens", 
    "ManufacturersModelName": "Verio", 
    "InstitutionName": "CHU_PONTCHAILLOU", 
    "SoftwareVersions": "syngo_MR_B17", 
    "EchoTime": 0.023, 
    "FlipAngle": 90, 
    "PhaseEncodingDirection": "j-", 
    "SliceTiming": [
        0.5025, 
        0, 
        0.565, 
        0.065, 
        0.6275, 
        0.1275, 
        0.69, 
        0.19, 
        0.7525, 
        0.2525, 
        0.8175, 
        0.315, 
        0.88, 
        0.3775, 
        0.9425, 
        0.44
    ], 
    "InPlanePhaseEncodingDirectionDICOM": "COL", 
    "ConversionSoftware": "dcm2niix", 
    "ConversionSoftwareVersion": "v1.0.20190720  GCC7.4.0", 
    "Dcm2bidsVersion": "2.1.4"
}
