{
    "Modality": "MR", 
    "MagneticFieldStrength": 3, 
    "ImagingFrequency": 123.197, 
    "Manufacturer": "Siemens", 
    "ManufacturersModelName": "Verio", 
    "InstitutionName": "CHU_PONTCHAILLOU", 
    "InstitutionalDepartmentName": "Department", 
    "InstitutionAddress": "Henri_le_Guilloux_2_Rennes_2A6CA1_District_FR_35000", 
    "DeviceSerialNumber": "40296", 
    "StationName": "MRC40296", 
    "PatientPosition": "HFS", 
    "ProcedureStepDescription": "OSS-IRM", 
    "SoftwareVersions": "syngo_MR_B17", 
    "MRAcquisitionType": "2D", 
    "SeriesDescription": "MI_post_bold_eeg_2X8x20s_TR1s_16_coupes", 
    "ProtocolName": "MI_post_bold_eeg_2X8x20s_TR1s_16_coupes", 
    "ScanningSequence": "EP", 
    "SequenceVariant": "SK", 
    "ScanOptions": "FS", 
    "SequenceName": "_epfid2d1_106", 
    "ImageType": [
        "ORIGINAL", 
        "PRIMARY", 
        "M", 
        "ND", 
        "MOSAIC"
    ], 
    "SeriesNumber": 28, 
    "AcquisitionTime": "19:34:7.840000", 
    "AcquisitionNumber": 1, 
    "SliceThickness": 4, 
    "SpacingBetweenSlices": 4, 
    "SAR": 0.0481234, 
    "EchoTime": 0.023, 
    "RepetitionTime": 1, 
    "FlipAngle": 90, 
    "PartialFourier": 1, 
    "BaseResolution": 106, 
    "ShimSetting": [
        964, 
        13303, 
        -6647, 
        254, 
        -396, 
        -1116, 
        1038, 
        -3
    ], 
    "TxRefAmp": 490.951, 
    "PhaseResolution": 1, 
    "ReceiveCoilName": "HeadMatrix", 
    "CoilString": "T:HEA;HEP", 
    "PulseSequenceDetails": "%SiemensSeq%_ep2d_bold", 
    "RefLinesPE": 24, 
    "PercentPhaseFOV": 100, 
    "PhaseEncodingSteps": 106, 
    "AcquisitionMatrixPE": 106, 
    "ReconMatrixPE": 106, 
    "BandwidthPerPixelPhaseEncode": 27.345, 
    "ParallelReductionFactorInPlane": 2, 
    "EffectiveEchoSpacing": 0.000344998, 
    "DerivedVendorReportedEchoSpacing": 0.000689995, 
    "TotalReadoutTime": 0.0362248, 
    "PixelBandwidth": 1685, 
    "DwellTime": 2.8e-06, 
    "PhaseEncodingDirection": "j-", 
    "SliceTiming": [
        0.5025, 
        0, 
        0.565, 
        0.0625, 
        0.6275, 
        0.125, 
        0.69, 
        0.1875, 
        0.7525, 
        0.25, 
        0.815, 
        0.3125, 
        0.8775, 
        0.375, 
        0.94, 
        0.4375
    ], 
    "ImageOrientationPatientDICOM": [
        0.997703, 
        0.0298631, 
        0.0608021, 
        -0.0348406, 
        0.99598, 
        0.0825232
    ], 
    "InPlanePhaseEncodingDirectionDICOM": "COL", 
    "ConversionSoftware": "dcm2niix", 
    "ConversionSoftwareVersion": "v1.0.20190720  GCC7.4.0", 
    "Dcm2bidsVersion": "2.1.4"
}