{
    "TaskName": "eegNF",
    "Instructions": "Try to move up the ball by feeling the movement of your right arm and hand. When the symbol + is displayed, rest",
    "RepetitionTime": 2, 
    "MagneticFieldStrength": 3, 
    "ImagingFrequency": 123.197, 
    "Manufacturer": "Siemens", 
    "ManufacturersModelName": "Verio", 
    "InstitutionName": "CHU_PONTCHAILLOU", 
    "SoftwareVersions": "syngo_MR_B17", 
    "EchoTime": 0.023, 
    "FlipAngle": 90, 
    "PhaseEncodingDirection": "j-", 
    "SliceTiming": [
        1.005, 
        0, 
        1.0675, 
        0.0625, 
        1.13, 
        0.125, 
        1.1925, 
        0.19, 
        1.255, 
        0.2525, 
        1.3175, 
        0.315, 
        1.38, 
        0.3775, 
        1.4425, 
        0.44, 
        1.505, 
        0.5025, 
        1.57, 
        0.565, 
        1.6325, 
        0.6275, 
        1.695, 
        0.69, 
        1.7575, 
        0.7525, 
        1.82, 
        0.815, 
        1.8825, 
        0.88, 
        1.945, 
        0.9425
    ], 
    "InPlanePhaseEncodingDirectionDICOM": "COL", 
    "ConversionSoftware": "dcm2niix", 
    "ConversionSoftwareVersion": "v1.0.20190720  GCC7.4.0", 
    "Dcm2bidsVersion": "2.1.4"
}
