{
    "Modality": "MR", 
    "MagneticFieldStrength": 3, 
    "ImagingFrequency": 123.197, 
    "Manufacturer": "Siemens", 
    "ManufacturersModelName": "Verio", 
    "InstitutionName": "CHU_PONTCHAILLOU", 
    "InstitutionalDepartmentName": "Department", 
    "InstitutionAddress": "Henri_le_Guilloux_2_Rennes_3BA938_District_FR_35000", 
    "DeviceSerialNumber": "40296", 
    "StationName": "MRC40296", 
    "PatientPosition": "HFS", 
    "ProcedureStepDescription": "OSS-IRM", 
    "SoftwareVersions": "syngo_MR_B17", 
    "MRAcquisitionType": "3D", 
    "SeriesDescription": "T1_3D_MPRAGE", 
    "ProtocolName": "T1_3D_MPRAGE", 
    "ScanningSequence": "GR_IR", 
    "SequenceVariant": "SP_MP", 
    "ScanOptions": "IR", 
    "SequenceName": "_tfl3d1_ns", 
    "ImageType": [
        "ORIGINAL", 
        "PRIMARY", 
        "M", 
        "ND", 
        "NORM", 
        "FM", 
        "FIL"
    ], 
    "SeriesNumber": 22, 
    "AcquisitionTime": "12:01:27.380000", 
    "AcquisitionNumber": 1, 
    "SliceThickness": 1, 
    "SAR": 0.0472128, 
    "EchoTime": 0.00226, 
    "RepetitionTime": 1.9, 
    "InversionTime": 0.9, 
    "FlipAngle": 9, 
    "PartialFourier": 1, 
    "Interpolation2D": 1, 
    "BaseResolution": 256, 
    "ShimSetting": [
        936, 
        13482, 
        -6965, 
        33, 
        -607, 
        -326, 
        728, 
        -255
    ], 
    "TxRefAmp": 454.495, 
    "PhaseResolution": 1, 
    "ReceiveCoilName": "HeadMatrix", 
    "CoilString": "T:HEA;HEP", 
    "PulseSequenceDetails": "%SiemensSeq%_tfl", 
    "RefLinesPE": 24, 
    "PercentPhaseFOV": 100, 
    "PhaseEncodingSteps": 255, 
    "AcquisitionMatrixPE": 256, 
    "ReconMatrixPE": 512, 
    "ParallelReductionFactorInPlane": 2, 
    "PixelBandwidth": 199, 
    "DwellTime": 9.8e-06, 
    "ImageOrientationPatientDICOM": [
        -0.0346593, 
        0.999399, 
        1.6712e-08, 
        0.00692087, 
        0.000240033, 
        -0.999976
    ], 
    "InPlanePhaseEncodingDirectionDICOM": "ROW", 
    "ConversionSoftware": "dcm2niix", 
    "ConversionSoftwareVersion": "v1.0.20190720  GCC7.4.0", 
    "Dcm2bidsVersion": "2.1.4"
}