{
    "Modality": "MR", 
    "MagneticFieldStrength": 3, 
    "ImagingFrequency": 123.197, 
    "Manufacturer": "Siemens", 
    "ManufacturersModelName": "Verio", 
    "InstitutionName": "CHU_PONTCHAILLOU", 
    "InstitutionalDepartmentName": "Department", 
    "InstitutionAddress": "Henri_le_Guilloux_2_Rennes_3BA938_District_FR_35000", 
    "DeviceSerialNumber": "40296", 
    "StationName": "MRC40296", 
    "PatientPosition": "HFS", 
    "ProcedureStepDescription": "OSS-IRM", 
    "SoftwareVersions": "syngo_MR_B17", 
    "MRAcquisitionType": "2D", 
    "SeriesDescription": "ep2d_bold_MI_PRE_2x5x20", 
    "ProtocolName": "ep2d_bold_MI_PRE_2x5x20", 
    "ScanningSequence": "EP", 
    "SequenceVariant": "SK", 
    "ScanOptions": "FS", 
    "SequenceName": "_epfid2d1_106", 
    "ImageType": [
        "ORIGINAL", 
        "PRIMARY", 
        "M", 
        "ND", 
        "MOSAIC"
    ], 
    "SeriesNumber": 9, 
    "AcquisitionTime": "14:34:25.935000", 
    "AcquisitionNumber": 1, 
    "SliceThickness": 4, 
    "SpacingBetweenSlices": 4, 
    "SAR": 0.0486628, 
    "EchoTime": 0.023, 
    "RepetitionTime": 2, 
    "FlipAngle": 90, 
    "PartialFourier": 1, 
    "BaseResolution": 106, 
    "ShimSetting": [
        916, 
        13455, 
        -6516, 
        463, 
        -731, 
        -443, 
        670, 
        -273
    ], 
    "TxRefAmp": 450.86, 
    "PhaseResolution": 1, 
    "ReceiveCoilName": "HeadMatrix", 
    "CoilString": "T:HEA;HEP", 
    "PulseSequenceDetails": "%SiemensSeq%_ep2d_bold", 
    "RefLinesPE": 24, 
    "PercentPhaseFOV": 100, 
    "PhaseEncodingSteps": 106, 
    "AcquisitionMatrixPE": 106, 
    "ReconMatrixPE": 106, 
    "BandwidthPerPixelPhaseEncode": 27.345, 
    "ParallelReductionFactorInPlane": 2, 
    "EffectiveEchoSpacing": 0.000344998, 
    "DerivedVendorReportedEchoSpacing": 0.000689995, 
    "TotalReadoutTime": 0.0362248, 
    "PixelBandwidth": 1685, 
    "DwellTime": 2.8e-06, 
    "PhaseEncodingDirection": "j-", 
    "SliceTiming": [
        1.005, 
        0, 
        1.0675, 
        0.0625, 
        1.13, 
        0.1275, 
        1.1925, 
        0.19, 
        1.255, 
        0.2525, 
        1.3175, 
        0.315, 
        1.38, 
        0.3775, 
        1.4425, 
        0.44, 
        1.5075, 
        0.5025, 
        1.57, 
        0.565, 
        1.6325, 
        0.6275, 
        1.695, 
        0.69, 
        1.7575, 
        0.7525, 
        1.82, 
        0.8175, 
        1.8825, 
        0.88, 
        1.945, 
        0.9425
    ], 
    "ImageOrientationPatientDICOM": [
        0.999537, 
        -0.0204772, 
        -0.0225118, 
        0.015702, 
        0.9807, 
        -0.194888
    ], 
    "InPlanePhaseEncodingDirectionDICOM": "COL", 
    "ConversionSoftware": "dcm2niix", 
    "ConversionSoftwareVersion": "v1.0.20190720  GCC7.4.0", 
    "Dcm2bidsVersion": "2.1.4"
}