{
    "Modality": "MR", 
    "MagneticFieldStrength": 3, 
    "ImagingFrequency": 123.197, 
    "Manufacturer": "Siemens", 
    "ManufacturersModelName": "Verio", 
    "InstitutionName": "CHU_PONTCHAILLOU", 
    "InstitutionalDepartmentName": "Department", 
    "InstitutionAddress": "Henri_le_Guilloux_2_Rennes_3BA938_District_FR_35000", 
    "DeviceSerialNumber": "40296", 
    "StationName": "MRC40296", 
    "PatientPosition": "HFS", 
    "ProcedureStepDescription": "OSS-IRM", 
    "SoftwareVersions": "syngo_MR_B17", 
    "MRAcquisitionType": "2D", 
    "SeriesDescription": "ep2d_bold_MI_POST_2x5x20", 
    "ProtocolName": "ep2d_bold_MI_POST_2x5x20", 
    "ScanningSequence": "EP", 
    "SequenceVariant": "SK", 
    "ScanOptions": "FS", 
    "SequenceName": "_epfid2d1_106", 
    "ImageType": [
        "ORIGINAL", 
        "PRIMARY", 
        "M", 
        "ND", 
        "MOSAIC"
    ], 
    "SeriesNumber": 13, 
    "AcquisitionTime": "15:13:58.950000", 
    "AcquisitionNumber": 1, 
    "SliceThickness": 4, 
    "SpacingBetweenSlices": 4, 
    "SAR": 0.0539589, 
    "EchoTime": 0.023, 
    "RepetitionTime": 2, 
    "FlipAngle": 90, 
    "PartialFourier": 1, 
    "BaseResolution": 106, 
    "ShimSetting": [
        911, 
        13456, 
        -6522, 
        463, 
        -746, 
        -493, 
        691, 
        -276
    ], 
    "TxRefAmp": 489.175, 
    "PhaseResolution": 1, 
    "ReceiveCoilName": "HeadMatrix", 
    "CoilString": "T:HEA;HEP", 
    "PulseSequenceDetails": "%SiemensSeq%_ep2d_bold", 
    "RefLinesPE": 24, 
    "PercentPhaseFOV": 100, 
    "PhaseEncodingSteps": 106, 
    "AcquisitionMatrixPE": 106, 
    "ReconMatrixPE": 106, 
    "BandwidthPerPixelPhaseEncode": 27.345, 
    "ParallelReductionFactorInPlane": 2, 
    "EffectiveEchoSpacing": 0.000344998, 
    "DerivedVendorReportedEchoSpacing": 0.000689995, 
    "TotalReadoutTime": 0.0362248, 
    "PixelBandwidth": 1685, 
    "DwellTime": 2.8e-06, 
    "PhaseEncodingDirection": "j-", 
    "SliceTiming": [
        1.0025, 
        0, 
        1.065, 
        0.0625, 
        1.1275, 
        0.125, 
        1.19, 
        0.1875, 
        1.2525, 
        0.25, 
        1.3175, 
        0.3125, 
        1.38, 
        0.375, 
        1.4425, 
        0.4375, 
        1.505, 
        0.5, 
        1.5675, 
        0.5625, 
        1.63, 
        0.6275, 
        1.6925, 
        0.69, 
        1.755, 
        0.7525, 
        1.8175, 
        0.815, 
        1.88, 
        0.8775, 
        1.9425, 
        0.94
    ], 
    "ImageOrientationPatientDICOM": [
        0.999537, 
        -0.0204772, 
        -0.0225118, 
        0.015702, 
        0.9807, 
        -0.194888
    ], 
    "InPlanePhaseEncodingDirectionDICOM": "COL", 
    "ConversionSoftware": "dcm2niix", 
    "ConversionSoftwareVersion": "v1.0.20190720  GCC7.4.0", 
    "Dcm2bidsVersion": "2.1.4"
}